GEM
  remote: http://rubygems.org/
  specs:
    json (1.8.2)
    rake (10.4.2)
    rdoc (3.12.2)
      json (~> 1.4)

PLATFORMS
  ruby

DEPENDENCIES
  bundler (~> 1.0)
  rake
  rdoc (~> 3.12)
